GEM
  remote: https://rubygems.org/
  specs:
    httpi (2.0.2)
      rack
    little-plugger (1.1.3)
    logging (1.8.1)
      little-plugger (>= 1.1.3)
      multi_json (>= 1.3.6)
    multi_json (1.7.2)
    rack (1.5.2)

PLATFORMS
  ruby

DEPENDENCIES
  httpi
  logging
